GEM
  remote: http://rubygems.org/
  specs:
    cuba (3.1.0)
      rack
    cutest (1.1.3)
    haml (3.1.7)
    rack (1.4.1)
    rack-test (0.6.1)
      rack (>= 1.0)
    rake (0.9.2.2)
    sass (3.2.0)
    tilt (1.3.3)

PLATFORMS
  ruby

DEPENDENCIES
  cuba
  cutest
  haml
  rack-test
  rake
  sass
  tilt
