GEM
  remote: http://rubygems.org/
  specs:
    activemodel (3.2.8)
      activesupport (= 3.2.8)
      builder (~> 3.0.0)
    activesupport (3.2.8)
      i18n (~> 0.6)
      multi_json (~> 1.0)
    builder (3.0.0)
    couchrest (1.1.3)
      mime-types (~> 1.15)
      multi_json (~> 1.0)
      rest-client (~> 1.6.1)
    couchrest_model (1.1.2)
      activemodel (~> 3.0)
      couchrest (~> 1.1.2)
      mime-types (~> 1.15)
      tzinfo (~> 0.3.22)
    cuba (3.1.0)
      rack
    cutest (1.1.3)
    haml (3.1.7)
    i18n (0.6.0)
    mime-types (1.19)
    multi_json (1.3.6)
    rack (2.2.3)
    rack-test (0.6.1)
      rack (>= 1.0)
    rake (0.9.2.2)
    rest-client (1.6.7)
      mime-types (>= 1.16)
    sass (3.2.0)
    tilt (1.3.3)
    tzinfo (0.3.33)

PLATFORMS
  ruby

DEPENDENCIES
  couchrest
  couchrest_model
  cuba
  cutest
  haml
  rack-test
  rake
  sass
  tilt
