GEM
  remote: http://rubygems.org/
  specs:
    couchrest (1.1.3)
      mime-types (~> 1.15)
      multi_json (~> 1.0)
      rest-client (~> 1.6.1)
    cuba (3.1.0)
      rack
    cutest (1.1.3)
    haml (3.1.7)
    mime-types (1.19)
    multi_json (1.3.6)
    rack (1.4.1)
    rack-test (0.6.1)
      rack (>= 1.0)
    rake (0.9.2.2)
    rest-client (1.6.7)
      mime-types (>= 1.16)
    sass (3.2.0)
    tilt (1.3.3)

PLATFORMS
  ruby

DEPENDENCIES
  couchrest
  cuba
  cutest
  haml
  rack-test
  rake
  sass
  tilt
